GEM
  remote: http://rubygems.org/
  specs:
    diff-lcs (1.1.2)
    fssm (0.2.7)
    git (1.2.5)
    jeweler (1.5.2)
      bundler (~> 1.0.0)
      git (>= 1.2.5)
      rake
    jsmin (1.0.1)
    rake (0.9.2)
    rcov (0.9.9)
    rdoc (3.8)
    rspec (2.6.0)
      rspec-core (~> 2.6.0)
      rspec-expectations (~> 2.6.0)
      rspec-mocks (~> 2.6.0)
    rspec-core (2.6.4)
    rspec-expectations (2.6.0)
      diff-lcs (~> 1.1.2)
    rspec-mocks (2.6.0)
    shoulda (2.11.3)
    sprockets (1.0.2)

PLATFORMS
  ruby

DEPENDENCIES
  bundler (~> 1.0.0)
  fssm
  jeweler (~> 1.5.2)
  jsmin
  rcov
  rdoc
  rspec
  shoulda
  sprockets (= 1.0.2)
